GEM
  remote: https://rubygems.org/
  specs:
    activesupport (7.2.1)
      base64
      bigdecimal
      concurrent-ruby (~> 1.0, >= 1.3.1)
      connection_pool (>= 2.2.5)
      drb
      i18n (>= 1.6, < 2)
      logger (>= 1.4.2)
      minitest (>= 5.1)
      securerandom (>= 0.3)
      tzinfo (~> 2.0, >= 2.0.5)
    addressable (2.8.7)
      public_suffix (>= 2.0.2, < 7.0)
    algolia (2.3.4)
      faraday (>= 0.15, < 3)
      faraday-net_http_persistent (>= 0.15, < 3)
      multi_json (~> 1.0)
      net-http-persistent
    arr-pm (0.0.12)
    asciidoctor (2.0.23)
    asciimath (2.0.5)
    asciimath2unitsml (0.4.3)
      asciimath
      htmlentities
      nokogiri (~> 1)
      rsec (~> 1.0.0)
    base64 (0.2.0)
    bcp47_spec (0.2.1)
    bibtex-ruby (6.1.0)
      latex-decode (~> 0.0)
      racc (~> 1.7)
    bigdecimal (3.1.8)
    builder (3.3.0)
    camertron-eprun (1.1.1)
    cldr-plurals-runtime-rb (1.1.0)
    cliver (0.3.2)
    cnccs (0.1.6)
    concurrent-ruby (1.3.4)
    connection_pool (2.4.1)
    coradoc (1.1.2)
      base64
      marcel (~> 1.0.0)
      mathml2asciimath
      nokogiri (~> 1.13)
      oscal (~> 0.1.1)
      parslet
      premailer (~> 1.11.0)
      thor (>= 1.3.0)
      word-to-markdown
    crass (1.0.6)
    css_parser (1.19.0)
      addressable
    csv (3.3.0)
    date (3.3.4)
    descriptive_statistics (2.5.1)
    domain_name (0.6.20240107)
    down (5.4.2)
      addressable (~> 2.8)
    drb (2.2.1)
    ebnf (2.4.0)
      htmlentities (~> 4.3)
      rdf (~> 3.3)
      scanf (~> 1.0)
      sxp (~> 1.3)
      unicode-types (~> 1.8)
    emf2svg (1.4.3)
      ffi (~> 1.0)
      mini_portile2 (~> 2.6)
    emf2svg (1.4.3-arm64-darwin)
      ffi (~> 1.0)
    excavate (0.3.7)
      arr-pm (~> 0.0)
      bundler (~> 2.3, >= 2.3.24)
      ffi-compiler2 (>= 2.2.2)
      ffi-libarchive-binary (~> 0.3)
      libmspack (~> 0.1)
      ruby-ole (~> 1.0)
      rubyzip (~> 2.3)
      seven-zip (~> 1.4)
      thor (~> 1.0)
    expressir (1.4.3)
      rice (~> 4.2)
      thor (~> 1.0)
    extract_ttc (0.3.6)
      bundler (~> 2.3, >= 2.3.22)
      ffi (~> 1.0)
      rake (~> 13)
    extract_ttc (0.3.6-arm64-darwin)
      bundler (~> 2.3, >= 2.3.22)
      ffi (~> 1.0)
      rake (~> 13)
    faraday (2.7.12)
      base64
      faraday-net_http (>= 2.0, < 3.1)
      ruby2_keywords (>= 0.0.4)
    faraday-net_http (3.0.2)
    faraday-net_http_persistent (2.3.0)
      faraday (~> 2.5)
      net-http-persistent (>= 4.0.4, < 5)
    ffi (1.17.0)
    ffi (1.17.0-arm-linux-gnu)
    ffi (1.17.0-arm-linux-musl)
    ffi (1.17.0-arm64-darwin)
    ffi (1.17.0-x86-linux-gnu)
    ffi (1.17.0-x86-linux-musl)
    ffi-compiler2 (2.3.0)
      ffi (>= 1.0.0)
      rake
    ffi-libarchive (1.1.14)
      ffi (~> 1.0)
    ffi-libarchive-binary (0.3.0)
      bundler (~> 2.3, >= 2.3.22)
      ffi (~> 1.0)
      ffi-libarchive (~> 1.0)
      mini_portile2 (~> 2.7)
      rake (~> 13.0)
    ffi-libarchive-binary (0.3.0-arm64-darwin)
      bundler (~> 2.3, >= 2.3.22)
      ffi (~> 1.0)
      ffi-libarchive (~> 1.0)
      rake (~> 13.0)
    fiber-storage (1.0.0)
    fontist (1.21.2)
      down (~> 5.0)
      excavate (~> 0.3, >= 0.3.4)
      extract_ttc (~> 0.1)
      fuzzy_match (~> 2.1)
      git (~> 1.0)
      json (~> 2.0)
      mime-types (~> 3.0)
      nokogiri (~> 1.0)
      plist (~> 3.0)
      socksify (~> 1.7)
      sys-uname (~> 1.2)
      thor (~> 1.2, >= 1.2.1)
      ttfunk (~> 1.6)
    fuzzy_match (2.1.0)
    gb-agencies (0.0.7)
    git (1.19.1)
      addressable (~> 2.8)
      rchardet (~> 1.8)
    glossarist (2.0.10)
      relaton (~> 1.16)
      thor
    graphql (2.3.18)
      base64
      fiber-storage
    graphql-client (0.23.0)
      activesupport (>= 3.0)
      graphql (>= 1.13.0)
    haml (6.3.0)
      temple (>= 0.8.2)
      thor
      tilt
    hamster (3.0.0)
      concurrent-ruby (~> 1.0)
    hashie (4.1.0)
    hollaback (0.1.1)
    html2doc (1.8.7)
      base64
      htmlentities (~> 4.3.4)
      metanorma-utils (>= 1.9.0)
      mime-types
      nokogiri (~> 1.16)
      plane1converter (~> 0.0.1)
      plurimath (~> 0.8.0)
      thread_safe
      unitsml
      uuidtools
      vectory (~> 0.7)
    htmlentities (4.3.4)
    http-cookie (1.0.7)
      domain_name (~> 0.5)
    i18n (1.14.6)
      concurrent-ruby (~> 1.0)
    iev (0.3.1)
      nokogiri (~> 1)
    image_size (3.4.0)
    iso-639 (0.3.8)
      csv
    iso639 (1.3.2)
    isodoc (2.11.4)
      base64
      bigdecimal
      html2doc (~> 1.8.1)
      mn-requirements (~> 0.4.0)
      mn2pdf
      relaton-render (~> 0.7.1)
      roman-numerals
      rouge (~> 4.0)
      thread_safe
      twitter_cldr (>= 6.6.0)
      uuidtools
    isodoc-i18n (1.2.1)
      htmlentities (~> 4.3.4)
      liquid (~> 5)
      metanorma-utils (>= 1.7.0)
      twitter_cldr
    isoics (0.1.13)
    japanese_calendar (0.4.2)
    json (2.7.2)
    json-canonicalization (1.0.0)
    json-ld (3.3.2)
      htmlentities (~> 4.3)
      json-canonicalization (~> 1.0)
      link_header (~> 0.0, >= 0.0.8)
      multi_json (~> 1.15)
      rack (>= 2.2, < 4)
      rdf (~> 3.3)
      rexml (~> 3.2)
    json-ld-preloaded (3.3.0)
      json-ld (~> 3.3)
      rdf (~> 3.3)
    latex-decode (0.4.0)
    ld-patch (3.3.0)
      ebnf (~> 2.4)
      rdf (~> 3.3)
      rdf-xsd (~> 3.3)
      sparql (~> 3.3)
      sxp (~> 1.3)
    libmspack (0.11.0)
      ffi
      ffi-compiler2 (>= 2.0.0)
    lightly (0.4.0)
    link_header (0.0.8)
    linkeddata (3.3.1)
      json-ld (~> 3.3)
      json-ld-preloaded (~> 3.3)
      ld-patch (~> 3.3)
      nokogiri (~> 1.15, >= 1.15.4)
      rdf (~> 3.2, >= 3.2.1)
      rdf-aggregate-repo (~> 3.2)
      rdf-hamster-repo (~> 3.3)
      rdf-isomorphic (~> 3.3)
      rdf-json (~> 3.3)
      rdf-microdata (~> 3.3)
      rdf-n3 (~> 3.3)
      rdf-normalize (~> 0.7)
      rdf-ordered-repo (~> 3.3)
      rdf-rdfa (~> 3.3)
      rdf-rdfxml (~> 3.3)
      rdf-reasoner (~> 0.9)
      rdf-tabular (~> 3.3)
      rdf-trig (~> 3.3)
      rdf-trix (~> 3.3)
      rdf-turtle (~> 3.3)
      rdf-vocab (~> 3.3)
      rdf-xsd (~> 3.3)
      shacl (~> 0.4)
      shex (~> 0.8)
      sparql (~> 3.3)
      sparql-client (~> 3.3)
      yaml-ld (~> 0.0)
    liquid (5.5.1)
    loc_mods (0.2.5)
      lutaml-model
      nokogiri
      thor
    logger (1.6.1)
    lutaml (0.9.16)
      expressir (~> 1.3)
      hashie (~> 4.1.0)
      htmlentities
      liquid
      nokogiri (~> 1.10)
      parslet (~> 2.0.0)
      ruby-graphviz (~> 1.2)
      thor (~> 1.0)
      xmi (~> 0.3.10)
    lutaml-model (0.3.11)
      thor
    marcel (1.0.4)
    mathml2asciimath (0.0.14)
      htmlentities (~> 4.3.4)
      nokogiri (~> 1)
    matrix (0.4.2)
    mechanize (2.12.2)
      addressable (~> 2.8)
      base64
      domain_name (~> 0.5, >= 0.5.20190701)
      http-cookie (~> 1.0, >= 1.0.3)
      mime-types (~> 3.3)
      net-http-digest_auth (~> 1.4, >= 1.4.1)
      net-http-persistent (>= 2.5.2, < 5.0.dev)
      nkf
      nokogiri (~> 1.11, >= 1.11.2)
      rubyntlm (~> 0.6, >= 0.6.3)
      webrick (~> 1.7)
      webrobots (~> 0.1.2)
    metanorma (2.0.5)
      asciidoctor
      fontist (>= 1.14.3)
      htmlentities
      isodoc (>= 2.6.3)
      mn2pdf (~> 1)
      nokogiri
      shale
    metanorma-bipm (2.5.3)
      metanorma-generic (~> 2.7.0)
      metanorma-iso (~> 2.8.0)
    metanorma-cc (2.5.3)
      metanorma-generic (~> 2.7.0)
    metanorma-cli (1.10.9)
      git (~> 1.5)
      metanorma (~> 2.0.0)
      metanorma-bipm (~> 2.5.0)
      metanorma-cc (~> 2.5.0)
      metanorma-csa (~> 2.5.0)
      metanorma-generic (~> 2.7.0)
      metanorma-iec (~> 2.5.0)
      metanorma-ieee (~> 1.3.0)
      metanorma-ietf (~> 3.3.0)
      metanorma-iho (~> 1.0.0)
      metanorma-iso (~> 2.8.0)
      metanorma-itu (~> 2.5.0)
      metanorma-jis (~> 0.3.0)
      metanorma-ogc (~> 2.6.0)
      metanorma-plateau (~> 0.1.0)
      metanorma-standoc (~> 2.9.6)
      metanorma-un (~> 0.12.0)
      mnconvert
      relaton-cli (>= 0.8.2)
      socksify
    metanorma-csa (2.5.3)
      metanorma-generic (~> 2.7.0)
    metanorma-generic (2.7.1)
      metanorma-standoc (~> 2.9.3)
    metanorma-iec (2.5.4)
      metanorma-iso (~> 2.8.0)
      pubid
    metanorma-ieee (1.3.1)
      metanorma-standoc (~> 2.9.6)
      mnconvert (~> 1.20)
      pubid
    metanorma-ietf (3.3.9)
      metanorma-ietf-data
      metanorma-standoc (~> 2.9.3)
      relaton-render
    metanorma-ietf-data (0.2.0)
    metanorma-iho (1.0.4)
      metanorma-generic (~> 2.7.0)
    metanorma-iso (2.8.7)
      metanorma-standoc (~> 2.9.3)
      mnconvert (~> 1.14)
      pubid
      tokenizer (~> 0.3.0)
    metanorma-itu (2.5.4)
      metanorma-standoc (~> 2.9.3)
      pubid
      twitter_cldr (>= 3.0.0)
      tzinfo-data
    metanorma-jis (0.3.5)
      japanese_calendar (~> 0)
      metanorma-iso (~> 2.8.0)
      pubid
    metanorma-ogc (2.6.3)
      iso-639
      metanorma-standoc (~> 2.9.3)
    metanorma-plateau (0.1.7)
      metanorma-jis (~> 0.3.0)
      pubid
    metanorma-plugin-datastruct (0.3.0)
      asciidoctor (~> 2.0.0)
      isodoc
      relaton-cli
    metanorma-plugin-glossarist (0.2.1)
      asciidoctor (~> 2.0.0)
      glossarist (~> 2.0.1)
      liquid (~> 5)
    metanorma-plugin-lutaml (0.7.11)
      asciidoctor
      coradoc (~> 1.1.1)
      expressir (~> 1.4.0)
      liquid
      lutaml (>= 0.9.14)
      ogc-gml
      relaton-cli
    metanorma-standoc (2.9.7)
      addressable (~> 2.8.0)
      asciidoctor (~> 2.0.0)
      asciimath2unitsml (~> 0.4.0)
      concurrent-ruby
      crass (~> 1.0.0)
      iev (~> 0.3.0)
      isodoc (~> 2.11.0)
      metanorma (>= 1.6.0)
      metanorma-plugin-datastruct (~> 0.3.0)
      metanorma-plugin-glossarist (~> 0.2.0)
      metanorma-plugin-lutaml (~> 0.7.0)
      metanorma-utils (~> 1.10.0)
      pngcheck
      relaton-cli (~> 1.19.0)
      relaton-iev (~> 1.2.0)
      ruby-jing
      unicode2latex (~> 0.0.1)
    metanorma-un (0.12.19)
      iso-639
      metanorma-standoc (~> 2.9.3)
      roman-numerals
      twitter_cldr
    metanorma-utils (1.10.2)
      asciidoctor (>= 2)
      concurrent-ruby
      csv
      htmlentities (~> 4.3.4)
      nokogiri (>= 1.11)
      sterile (~> 1.0.14)
      uuidtools
    mime-types (3.6.0)
      logger
      mime-types-data (~> 3.2015)
    mime-types-data (3.2024.1001)
    mini_portile2 (2.8.7)
    minitest (5.25.1)
    mn-requirements (0.4.1)
      isodoc-i18n (>= 1.1.0)
      metanorma-utils (>= 0.10.0)
    mn2pdf (1.99)
    mnconvert (1.59.0)
    multi_json (1.15.0)
    net-ftp (0.1.4)
      net-protocol
      time
    net-http-digest_auth (1.4.1)
    net-http-persistent (4.0.4)
      connection_pool (~> 2.2)
    net-protocol (0.2.2)
      timeout
    nkf (0.2.0)
    nokogiri (1.16.7)
      mini_portile2 (~> 2.8.2)
      racc (~> 1.4)
    nokogiri (1.16.7-arm-linux)
      racc (~> 1.4)
    nokogiri (1.16.7-arm64-darwin)
      racc (~> 1.4)
    nokogiri (1.16.7-x86-linux)
      racc (~> 1.4)
    nokogiri-styles (0.1.2)
      nokogiri
    ogc-gml (1.0.2)
      lutaml-model (~> 0.3.10)
      nokogiri
    optout (0.0.2)
    oscal (0.1.1)
      yaml
    ox (2.14.18)
    parslet (2.0.0)
    plane1converter (0.0.1)
    plist (3.7.1)
    plurimath (0.8.17)
      bigdecimal
      ox
      parslet
      thor
    pngcheck (0.3.1)
      bundler (~> 2.3, >= 2.3.22)
      ffi (~> 1.0)
      mini_portile2 (~> 2.7)
      rake (~> 13.0)
    pngcheck (0.3.1-arm64-darwin)
      bundler (~> 2.3, >= 2.3.22)
      ffi (~> 1.0)
      rake (~> 13.0)
    premailer (1.11.1)
      addressable
      css_parser (>= 1.6.0)
      htmlentities (>= 4.0.0)
    psych (5.1.2)
      stringio
    pubid (0.1.2)
      pubid-bsi (~> 0.3.4)
      pubid-ccsds (~> 0.1.3)
      pubid-cen (~> 0.2.4)
      pubid-core (~> 1.12.5)
      pubid-etsi (~> 0.1.0)
      pubid-iec (~> 0.3.1)
      pubid-ieee (~> 0.2.2)
      pubid-iso (~> 0.7.5)
      pubid-itu (~> 0.1.0)
      pubid-jis (~> 0.3.2)
      pubid-nist (~> 0.4.0)
    pubid-bsi (0.3.4)
      parslet
      pubid-cen (~> 0.2.4)
      pubid-core (~> 1.12.5)
      pubid-iec (~> 0.3.1)
      pubid-iso (~> 0.7.5)
    pubid-ccsds (0.1.6)
      parslet
      pubid-core (~> 1.12.6)
    pubid-cen (0.2.4)
      parslet
      pubid-core (~> 1.12.5)
      pubid-iec (~> 0.3.1)
      pubid-iso (~> 0.7)
    pubid-core (1.12.9)
      parslet
    pubid-etsi (0.1.0)
      parslet
      pubid-core (~> 1.12.2)
    pubid-iec (0.3.1)
      parslet
      pubid-core (~> 1.12.2)
    pubid-ieee (0.2.2)
      parslet (~> 2.0.0)
      pubid-iso (~> 0.7)
    pubid-iso (0.7.8)
      parslet
      pubid-core (~> 1.12.5)
    pubid-itu (0.1.3)
      parslet
      pubid-core (~> 1.12.2)
    pubid-jis (0.3.2)
      parslet
      pubid-core (~> 1.12.2)
    pubid-nist (0.4.1)
      lightly
      nokogiri
      parslet
      pubid-core (~> 1.12.2)
      rubyzip
      thor
    public_suffix (6.0.1)
    racc (1.8.1)
    rack (3.1.7)
    rake (13.2.1)
    rchardet (1.8.0)
    rdf (3.3.2)
      bcp47_spec (~> 0.2)
      bigdecimal (~> 3.1, >= 3.1.5)
      link_header (~> 0.0, >= 0.0.8)
    rdf-aggregate-repo (3.3.0)
      rdf (~> 3.3)
    rdf-hamster-repo (3.3.0)
      hamster (~> 3.0)
      rdf (~> 3.3)
    rdf-isomorphic (3.3.0)
      rdf (~> 3.3)
    rdf-json (3.3.0)
      rdf (~> 3.3)
    rdf-microdata (3.3.0)
      htmlentities (~> 4.3)
      nokogiri (~> 1.15, >= 1.15.4)
      rdf (~> 3.3)
      rdf-rdfa (~> 3.3)
      rdf-xsd (~> 3.3)
    rdf-n3 (3.3.0)
      ebnf (~> 2.4)
      rdf (~> 3.3)
      sparql (~> 3.3)
      sxp (~> 1.3)
    rdf-normalize (0.7.0)
      rdf (~> 3.3)
    rdf-ordered-repo (3.3.0)
      rdf (~> 3.3)
    rdf-rdfa (3.3.0)
      haml (~> 6.1)
      htmlentities (~> 4.3)
      rdf (~> 3.3)
      rdf-aggregate-repo (~> 3.3)
      rdf-vocab (~> 3.3)
      rdf-xsd (~> 3.3)
    rdf-rdfxml (3.3.0)
      builder (~> 3.2, >= 3.2.4)
      htmlentities (~> 4.3)
      rdf (~> 3.3)
      rdf-xsd (~> 3.3)
    rdf-reasoner (0.9.0)
      rdf (~> 3.3)
      rdf-xsd (~> 3.3)
    rdf-tabular (3.3.0)
      addressable (~> 2.8)
      bcp47_spec (~> 0.2)
      json-ld (~> 3.3)
      rdf (~> 3.3)
      rdf-vocab (~> 3.3)
      rdf-xsd (~> 3.3)
    rdf-trig (3.3.0)
      ebnf (~> 2.4)
      rdf (~> 3.3)
      rdf-turtle (~> 3.3)
    rdf-trix (3.3.0)
      rdf (~> 3.3)
      rdf-xsd (~> 3.3)
    rdf-turtle (3.3.0)
      ebnf (~> 2.4)
      rdf (~> 3.3)
    rdf-vocab (3.3.1)
      rdf (~> 3.3)
    rdf-xsd (3.3.0)
      rdf (~> 3.3)
      rexml (~> 3.2)
    relaton (1.19.2)
      relaton-3gpp (~> 1.19.0)
      relaton-bipm (~> 1.19.0)
      relaton-bsi (~> 1.19.1)
      relaton-calconnect (~> 1.19.0)
      relaton-ccsds (~> 1.19.0)
      relaton-cen (~> 1.19.0)
      relaton-cie (~> 1.19.0)
      relaton-doi (~> 1.19.0)
      relaton-ecma (~> 1.19.0)
      relaton-etsi (~> 1.19.0)
      relaton-gb (~> 1.19.0)
      relaton-iana (~> 1.19.0)
      relaton-iec (~> 1.19.0)
      relaton-ieee (~> 1.19.0)
      relaton-ietf (~> 1.19.0)
      relaton-iho (~> 1.19.0)
      relaton-isbn (~> 1.19.0)
      relaton-iso (~> 1.19.0)
      relaton-itu (~> 1.19.0)
      relaton-jis (~> 1.19.0)
      relaton-nist (~> 1.19.0)
      relaton-oasis (~> 1.19.0)
      relaton-ogc (~> 1.19.0)
      relaton-omg (~> 1.19.0)
      relaton-plateau (~> 1.19.0)
      relaton-un (~> 1.19.0)
      relaton-w3c (~> 1.19.0)
      relaton-xsf (~> 1.19.0)
    relaton-3gpp (1.19.2)
      csv
      net-ftp (~> 0.1.0)
      relaton-bib (~> 1.19.1)
      relaton-index (~> 0.2.0)
    relaton-bib (1.19.6)
      addressable
      bibtex-ruby
      htmlentities
      iso639
      nokogiri (~> 1.16)
      relaton-logger (~> 0.2.0)
    relaton-bipm (1.19.2)
      faraday (~> 2.7.0)
      mechanize (~> 2.10)
      parslet (~> 2.0.0)
      relaton-bib (~> 1.19.0)
      relaton-index (~> 0.2.2)
      rubyzip (~> 2.3.0)
    relaton-bsi (1.19.1)
      algolia (~> 2.3.0)
      faraday-net_http_persistent (~> 2.0)
      graphql (~> 2.3)
      graphql-client (~> 0.23)
      relaton-iso-bib (~> 1.19.0)
    relaton-calconnect (1.19.0)
      faraday (~> 2.7.0)
      relaton-bib (~> 1.19.0)
      relaton-index (~> 0.2.0)
    relaton-ccsds (1.19.0)
      mechanize (~> 2.10)
      relaton-bib (~> 1.19.0)
      relaton-index (~> 0.2.0)
    relaton-cen (1.19.0)
      mechanize (~> 2.10)
      relaton-iso-bib (~> 1.19.0)
    relaton-cie (1.19.1)
      mechanize (~> 2.10)
      parslet (~> 2.0.0)
      relaton-bib (~> 1.19.0)
      relaton-index (~> 0.2.0)
    relaton-cli (1.19.3)
      liquid (~> 5)
      relaton (~> 1.19.2)
      thor
      thor-hollaback
    relaton-doi (1.19.0)
      faraday (~> 2.7)
      relaton-bib (~> 1.19.0)
      relaton-bipm (~> 1.19.0)
      relaton-ieee (~> 1.19.0)
      relaton-ietf (~> 1.19.0)
      relaton-nist (~> 1.19.0)
    relaton-ecma (1.19.1)
      mechanize (~> 2.10)
      relaton-bib (~> 1.19.0)
      relaton-index (~> 0.2.4)
    relaton-etsi (1.19.0)
      csv (~> 3.0)
      relaton-bib (~> 1.19.0)
      relaton-index (~> 0.2.7)
    relaton-gb (1.19.0)
      cnccs (~> 0.1.1)
      csv (~> 3.0)
      gb-agencies (~> 0.0.1)
      mechanize (~> 2.10)
      relaton-iso-bib (~> 1.19.0)
    relaton-iana (1.19.1)
      faraday (~> 2.7.0)
      relaton-bib (~> 1.19.0)
      relaton-index (~> 0.2.0)
    relaton-iec (1.19.1)
      addressable
      base64
      relaton-index (~> 0.2.0)
      relaton-iso-bib (~> 1.19.0)
      rubyzip
    relaton-ieee (1.19.0)
      faraday (~> 2.7.0)
      mini_portile2 (~> 2.8.0)
      relaton-bib (~> 1.19.0)
      relaton-index (~> 0.2.0)
      rubyzip (~> 2.3.0)
    relaton-ietf (1.19.0)
      base64
      relaton-bib (~> 1.19.0)
      relaton-index (~> 0.2.3)
    relaton-iev (1.2.0)
      htmlentities (~> 4.3.4)
      nokogiri (>= 1.13.0)
      relaton (>= 1.15)
    relaton-iho (1.19.1)
      base64
      relaton-bib (~> 1.19.0)
      relaton-index (~> 0.2.0)
    relaton-index (0.2.16)
      pubid-core (~> 1.12.9)
      relaton-logger (~> 0.2.0)
      rubyzip (~> 2.3.0)
    relaton-isbn (1.19.0)
      relaton-bib (~> 1.19.0)
    relaton-iso (1.19.2)
      pubid (~> 0.1.1)
      relaton-index (~> 0.2.12)
      relaton-iso-bib (~> 1.19.0)
    relaton-iso-bib (1.19.1)
      isoics (~> 0.1.6)
      relaton-bib (~> 1.19.0)
    relaton-itu (1.19.3)
      mechanize (~> 2.10)
      parslet (~> 2.0.0)
      relaton-bib (~> 1.19.0)
      relaton-index (~> 0.2.0)
    relaton-jis (1.19.2)
      mechanize (~> 2.10)
      relaton-index (~> 0.2.0)
      relaton-iso-bib (~> 1.19.0)
    relaton-logger (0.2.2)
      logger (~> 1.6.0)
    relaton-nist (1.19.4)
      base64
      loc_mods (~> 0.2.0)
      relaton-bib (~> 1.19.2)
      relaton-index (~> 0.2.0)
      rubyzip
    relaton-oasis (1.19.0)
      mechanize (~> 2.10)
      multi_json (~> 1.15.0)
      relaton-bib (~> 1.19.0)
      relaton-index (~> 0.2.0)
    relaton-ogc (1.19.0)
      faraday (~> 2.7.0)
      relaton-index (~> 0.2.0)
      relaton-iso-bib (~> 1.19.0)
    relaton-omg (1.19.1)
      base64
      relaton-bib (~> 1.19.0)
    relaton-plateau (1.19.5)
      base64
      relaton-bib (~> 1.19.4)
      relaton-index (~> 0.2.12)
      relaton-logger (~> 0.2.0)
    relaton-render (0.7.9)
      isodoc-i18n (~> 1.2.1)
      liquid (~> 5)
      nokogiri
      relaton-bib (>= 1.13.0)
      twitter_cldr
      tzinfo-data
    relaton-un (1.19.0)
      addressable (~> 2.8.0)
      faraday (~> 2.7.0)
      http-cookie (~> 1.0.5)
      relaton-bib (~> 1.19.0)
      unf_ext (>= 0.0.7.7)
    relaton-w3c (1.19.0)
      csv (~> 3.0)
      linkeddata (~> 3.2)
      mechanize (~> 2.10)
      rdf (~> 3.2)
      rdf-normalize (~> 0.6)
      relaton-bib (~> 1.19.0)
      relaton-index (~> 0.2.8)
      rubyzip (~> 2.3)
      shex (~> 0.7)
      sparql (~> 3.2)
    relaton-xsf (1.19.0)
      mechanize (~> 2.10)
      relaton-bib (~> 1.19.0)
      relaton-index (~> 0.2.0)
    reverse_markdown (1.4.0)
      nokogiri
    rexml (3.3.8)
    rice (4.3.1)
    roman-numerals (0.3.0)
    rouge (4.4.0)
    rsec (1.0.0)
    ruby-graphviz (1.2.5)
      rexml
    ruby-jing (0.0.3)
      optout (>= 0.0.2)
    ruby-ole (1.2.13.1)
    ruby2_keywords (0.0.5)
    rubyntlm (0.6.5)
      base64
    rubyzip (2.3.2)
    scanf (1.0.0)
    securerandom (0.3.1)
    seven-zip (1.4.2)
    shacl (0.4.1)
      json-ld (~> 3.3)
      rdf (~> 3.3)
      sparql (~> 3.3)
      sxp (~> 1.2)
    shale (1.1.0)
      bigdecimal
    shex (0.8.0)
      ebnf (~> 2.4)
      htmlentities (~> 4.3)
      json-ld (~> 3.3)
      json-ld-preloaded (~> 3.3)
      rdf (~> 3.3)
      rdf-xsd (~> 3.3)
      sparql (~> 3.3)
      sxp (~> 1.3)
    socksify (1.7.1)
    sparql (3.3.0)
      builder (~> 3.2, >= 3.2.4)
      ebnf (~> 2.4)
      logger (~> 1.5)
      rdf (~> 3.3)
      rdf-aggregate-repo (~> 3.3)
      rdf-xsd (~> 3.3)
      sparql-client (~> 3.3)
      sxp (~> 1.3)
    sparql-client (3.3.0)
      net-http-persistent (~> 4.0, >= 4.0.2)
      rdf (~> 3.3)
    sterile (1.0.26)
      nokogiri (>= 1.11.7)
    stringio (3.1.1)
    sxp (1.3.0)
      matrix (~> 0.4)
      rdf (~> 3.3)
    sys-proctable (1.3.0)
      ffi (~> 1.1)
    sys-uname (1.3.0)
      ffi (~> 1.1)
    temple (0.10.3)
    thor (1.3.2)
    thor-hollaback (0.2.1)
      hollaback (~> 0.1)
      thor (>= 0.19.1)
    thread_safe (0.3.6)
    tilt (2.4.0)
    time (0.4.0)
      date
    timeout (0.4.1)
    tokenizer (0.3.0)
    ttfunk (1.8.0)
      bigdecimal (~> 3.1)
    twitter_cldr (6.12.1)
      camertron-eprun
      cldr-plurals-runtime-rb (~> 1.1)
      tzinfo
    tzinfo (2.0.6)
      concurrent-ruby (~> 1.0)
    tzinfo-data (1.2024.2)
      tzinfo (>= 1.0.0)
    unf_ext (0.0.9.1)
    unicode-types (1.10.0)
    unicode2latex (0.0.6)
    unitsml (0.2.6)
      htmlentities
      plurimath
    uuidtools (2.2.0)
    vectory (0.7.7)
      emf2svg
      image_size (>= 3.2.0)
      marcel (~> 1.0)
      nokogiri (~> 1.14)
      thor (~> 1.0)
    webrick (1.8.2)
    webrobots (0.1.2)
    word-to-markdown (1.1.8)
      cliver (~> 0.3)
      descriptive_statistics (~> 2.5)
      nokogiri-styles (~> 0.1)
      premailer (~> 1.8)
      reverse_markdown (~> 1.0)
      sys-proctable (~> 1.0)
    xmi (0.3.11)
      nokogiri
      shale
    yaml (0.3.0)
    yaml-ld (0.0.3)
      json-ld (~> 3.3)
      psych (>= 3.3)
      rdf (~> 3.3)
      rdf-xsd (~> 3.3)

PLATFORMS
  arm-linux
  arm-linux-gnu
  arm-linux-musl
  arm64-darwin-23
  ruby
  x86-linux
  x86-linux-gnu
  x86-linux-musl

DEPENDENCIES
  metanorma-cli

BUNDLED WITH
   2.5.11
